PATH
  remote: .
  specs:
    vitc_hello_gem (0.1.0)

GEM
  remote: https://rubygems.org/
  specs:
    rake (13.0.6)

PLATFORMS
  arm64-darwin-21

DEPENDENCIES
  rake (~> 13.0)
  vitc_hello_gem!

BUNDLED WITH
   2.3.13
